GEM
  remote: https://rubygems.org/
  specs:
    bigdecimal (3.1.8)
    coderay (1.1.3)
    matrix (0.4.2)
    method_source (1.1.0)
    pdf-core (0.10.0)
    prawn (2.5.0)
      matrix (~> 0.4)
      pdf-core (~> 0.10.0)
      ttfunk (~> 1.8)
    pry (0.14.2)
      coderay (~> 1.1)
      method_source (~> 1.0)
    redcarpet (3.6.0)
    ttfunk (1.8.0)
      bigdecimal (~> 3.1)

PLATFORMS
  arm64-darwin-21
  ruby

DEPENDENCIES
  prawn
  pry
  redcarpet

BUNDLED WITH
   2.5.9
